GEM
  remote: https://rubygems.org/
  specs:
    addressable (2.5.1)
      public_suffix (~> 2.0, >= 2.0.2)
    autoprefixer-rails (7.1.1.2)
      execjs
    breakpoint (2.7.1)
      sass (~> 3.3)
      sassy-maps (< 1.0.0)
    colorator (1.1.0)
    execjs (2.7.0)
    ffi (1.9.18)
    ffi (1.9.18-x64-mingw32)
    ffi (1.9.18-x86-mingw32)
    forwardable-extended (2.6.0)
    jekyll (3.5.0)
      addressable (~> 2.4)
      colorator (~> 1.0)
      jekyll-sass-converter (~> 1.0)
      jekyll-watch (~> 1.1)
      kramdown (~> 1.3)
      liquid (~> 4.0)
      mercenary (~> 0.3.3)
      pathutil (~> 0.9)
      rouge (~> 1.7)
      safe_yaml (~> 1.0)
    jekyll-archives (2.1.1)
      jekyll (>= 2.4)
    jekyll-sass-converter (1.5.0)
      sass (~> 3.4)
    jekyll-sitemap (1.1.1)
      jekyll (~> 3.3)
    jekyll-tagging (1.0.1)
      ruby-nuggets
    jekyll-tagging-related_posts (0.2.2)
      jekyll (~> 3.0)
      jekyll-tagging (~> 1.0.0)
    jekyll-watch (1.5.0)
      listen (~> 3.0, < 3.1)
    kramdown (1.14.0)
    liquid (4.0.0)
    listen (3.0.8)
      rb-fsevent (~> 0.9, >= 0.9.4)
      rb-inotify (~> 0.9, >= 0.9.7)
    mercenary (0.3.6)
    mini_magick (4.7.2)
    nuggets (1.0.0)
    pathutil (0.14.0)
      forwardable-extended (~> 2.6)
    public_suffix (2.0.5)
    rb-fsevent (0.9.8)
    rb-inotify (0.9.10)
      ffi (>= 0.5.0, < 2)
    rouge (1.11.1)
    ruby-nuggets (1.0.0)
      nuggets (= 1.0.0)
    safe_yaml (1.0.4)
    sass (3.4.24)
    sassy-maps (0.4.0)
      sass (~> 3.3)
    uglifier (3.2.0)
      execjs (>= 0.3.0, < 3)

PLATFORMS
  ruby
  x64-mingw32
  x86-mingw32

DEPENDENCIES
  autoprefixer-rails
  breakpoint
  jekyll
  jekyll-archives
  jekyll-sitemap
  jekyll-tagging-related_posts
  mini_magick
  uglifier

BUNDLED WITH
   1.14.6
